GEM
  remote: https://rubygems.org/
  specs:
    algorithms (0.6.1)
    diff-lcs (1.2.4)
    em-zeromq (0.4.2)
      eventmachine (>= 1.0.0)
      ffi (>= 1.0.0)
      ffi-rzmq (~> 1.0.1)
    eventmachine (1.0.3)
    ffi (1.9.3)
    ffi-rzmq (1.0.3)
      ffi
    json (1.8.1)
    rspec (2.14.1)
      rspec-core (~> 2.14.0)
      rspec-expectations (~> 2.14.0)
      rspec-mocks (~> 2.14.0)
    rspec-core (2.14.7)
    rspec-expectations (2.14.3)
      diff-lcs (>= 1.1.3, < 2.0)
    rspec-mocks (2.14.4)
    zmq (2.1.4)

PLATFORMS
  ruby

DEPENDENCIES
  algorithms
  em-zeromq
  json
  rspec
  zmq
